NUGET
  remote: https://nuget.org/api/v2
  specs:
    Expression.Blend.Sdk (1.0.2) - framework: >= net45
    FSharp.ViewModule.Core (0.9.9.1) - framework: >= net45
    FsXaml.Wpf (0.9.9) - framework: >= net45
      Expression.Blend.Sdk (>= 1.0.2) - framework: >= net45
